GEM
  remote: https://rubygems.org/
  specs:
    actionmailer (3.2.12)
      actionpack (= 3.2.12)
      mail (~> 2.4.4)
    actionpack (3.2.12)
      activemodel (= 3.2.12)
      activesupport (= 3.2.12)
      builder (~> 3.0.0)
      erubis (~> 2.7.0)
      journey (~> 1.0.4)
      rack (~> 1.4.5)
      rack-cache (~> 1.2)
      rack-test (~> 0.6.1)
      sprockets (~> 2.2.1)
    active_utils (1.0.5)
      activesupport (>= 2.3.11)
      i18n
    activeadmin (0.6.0)
      arbre (>= 1.0.1)
      bourbon (>= 1.0.0)
      devise (>= 1.1.2)
      fastercsv
      formtastic (>= 2.0.0)
      inherited_resources (>= 1.3.1)
      jquery-rails (>= 1.0.0)
      kaminari (>= 0.13.0)
      meta_search (>= 0.9.2)
      rails (>= 3.0.0)
      sass (>= 3.1.0)
    activemerchant (1.32.1)
      active_utils (>= 1.0.2)
      activesupport (>= 2.3.14)
      builder (>= 2.0.0)
      i18n
      json (>= 1.5.1)
      money
      nokogiri
    activemodel (3.2.12)
      activesupport (= 3.2.12)
      builder (~> 3.0.0)
    activerecord (3.2.12)
      activemodel (= 3.2.12)
      activesupport (= 3.2.12)
      arel (~> 3.0.2)
      tzinfo (~> 0.3.29)
    activeresource (3.2.12)
      activemodel (= 3.2.12)
      activesupport (= 3.2.12)
    activesupport (3.2.12)
      i18n (~> 0.6)
      multi_json (~> 1.0)
    addressable (2.3.4)
    arbre (1.0.1)
      activesupport (>= 3.0.0)
    arel (3.0.2)
    aws_cf_signer (0.1.1)
    bcrypt-ruby (3.0.1)
    better_errors (0.8.0)
      coderay (>= 1.0.0)
      erubis (>= 2.6.6)
    binding_of_caller (0.7.1)
      debug_inspector (>= 0.0.1)
    bourbon (3.1.5)
      sass (>= 3.2.0)
      thor
    braintree (2.22.0)
      builder (>= 2.0.0)
    browser (0.1.6)
    builder (3.0.4)
    cancan (1.6.9)
    capistrano (2.15.4)
      highline
      net-scp (>= 1.0.0)
      net-sftp (>= 2.0.0)
      net-ssh (>= 2.0.14)
      net-ssh-gateway (>= 1.1.0)
    capistrano-ext (1.2.1)
      capistrano (>= 1.0.0)
    carrierwave (0.8.0)
      activemodel (>= 3.2.0)
      activesupport (>= 3.2.0)
    chronic (0.9.1)
    coderay (1.0.9)
    coffee-rails (3.2.2)
      coffee-script (>= 2.2.0)
      railties (~> 3.2.0)
    coffee-script (2.2.0)
      coffee-script-source
      execjs
    coffee-script-source (1.6.2)
    columnize (0.3.6)
    commonjs (0.2.6)
    country_select (1.1.3)
    daemons (1.1.9)
    debug_inspector (0.0.2)
    debugger (1.5.0)
      columnize (>= 0.3.1)
      debugger-linecache (~> 1.2.0)
      debugger-ruby_core_source (~> 1.2.0)
    debugger-linecache (1.2.0)
    debugger-ruby_core_source (1.2.0)
    devise (2.2.3)
      bcrypt-ruby (~> 3.0)
      orm_adapter (~> 0.1)
      railties (~> 3.1)
      warden (~> 1.2.1)
    erubis (2.7.0)
    eventmachine (1.0.3)
    exception_notification (3.0.1)
      actionmailer (>= 3.0.4)
    excon (0.16.10)
    execjs (1.4.0)
      multi_json (~> 1.0)
    fastercsv (1.5.5)
    fog (1.8.0)
      builder
      excon (~> 0.14)
      formatador (~> 0.2.0)
      mime-types
      multi_json (~> 1.0)
      net-scp (~> 1.0.4)
      net-ssh (>= 2.1.3)
      nokogiri (~> 1.5.0)
      ruby-hmac
    formatador (0.2.4)
    formtastic (2.2.1)
      actionpack (>= 3.0)
    haml (4.0.2)
      tilt
    haml-rails (0.4)
      actionpack (>= 3.1, < 4.1)
      activesupport (>= 3.1, < 4.1)
      haml (>= 3.1, < 4.1)
      railties (>= 3.1, < 4.1)
    has_scope (0.5.1)
    highline (1.6.18)
    hike (1.2.2)
    i18n (0.6.4)
    inherited_resources (1.4.0)
      has_scope (~> 0.5.0)
      responders (~> 0.9)
    journey (1.0.4)
    jquery-fileupload-rails (0.4.1)
      actionpack (>= 3.1)
      railties (>= 3.1)
    jquery-rails (2.1.2)
      railties (>= 3.1.0, < 5.0)
      thor (~> 0.14)
    jquery-ui-rails (4.0.2)
      jquery-rails
      railties (>= 3.1.0)
    json (1.7.7)
    kaminari (0.14.1)
      actionpack (>= 3.0.0)
      activesupport (>= 3.0.0)
    launchy (2.2.0)
      addressable (~> 2.3)
    less (2.3.2)
      commonjs (~> 0.2.6)
    less-rails (2.3.3)
      actionpack (>= 3.1)
      less (~> 2.3.1)
    letter_opener (1.1.0)
      launchy (~> 2.2.0)
    libv8 (3.11.8.17)
    mail (2.4.4)
      i18n (>= 0.4.0)
      mime-types (~> 1.16)
      treetop (~> 1.4.8)
    meta_search (1.1.3)
      actionpack (~> 3.1)
      activerecord (~> 3.1)
      activesupport (~> 3.1)
      polyamorous (~> 0.5.0)
    mime-types (1.23)
    money (5.1.1)
      i18n (~> 0.6.0)
    multi_json (1.7.2)
    nested_form (0.3.2)
    net-scp (1.0.4)
      net-ssh (>= 1.99.1)
    net-sftp (2.1.1)
      net-ssh (>= 2.6.5)
    net-ssh (2.6.7)
    net-ssh-gateway (1.2.0)
      net-ssh (>= 2.6.5)
    nokogiri (1.5.9)
    orm_adapter (0.4.0)
    pg (0.15.1)
    polyamorous (0.5.0)
      activerecord (~> 3.0)
    polyglot (0.3.3)
    quiet_assets (1.0.2)
      railties (>= 3.1, < 5.0)
    rack (1.4.5)
    rack-cache (1.2)
      rack (>= 0.4)
    rack-ssl (1.3.3)
      rack
    rack-test (0.6.2)
      rack (>= 1.0)
    rails (3.2.12)
      actionmailer (= 3.2.12)
      actionpack (= 3.2.12)
      activerecord (= 3.2.12)
      activeresource (= 3.2.12)
      activesupport (= 3.2.12)
      bundler (~> 1.0)
      railties (= 3.2.12)
    railties (3.2.12)
      actionpack (= 3.2.12)
      activesupport (= 3.2.12)
      rack-ssl (~> 1.3.2)
      rake (>= 0.8.7)
      rdoc (~> 3.4)
      thor (>= 0.14.6, < 2.0)
    rake (10.0.4)
    rdoc (3.12.2)
      json (~> 1.4)
    recaptcha (0.3.5)
    ref (1.0.4)
    responders (0.9.3)
      railties (~> 3.1)
    rmagick (2.13.2)
    ruby-hmac (0.4.0)
    rvm-capistrano (1.3.0)
      capistrano (>= 2.0.0)
    sass (3.2.8)
    sass-rails (3.2.6)
      railties (~> 3.2.0)
      sass (>= 3.1.10)
      tilt (~> 1.3)
    simple_form (2.1.0)
      actionpack (~> 3.0)
      activemodel (~> 3.0)
    sprockets (2.2.2)
      hike (~> 1.2)
      multi_json (~> 1.0)
      rack (~> 1.0)
      tilt (~> 1.1, != 1.3.0)
    therubyracer (0.11.4)
      libv8 (~> 3.11.8.12)
      ref
    thin (1.5.1)
      daemons (>= 1.0.9)
      eventmachine (>= 0.12.6)
      rack (>= 1.0.0)
    thor (0.18.1)
    tilt (1.3.7)
    treetop (1.4.12)
      polyglot
      polyglot (>= 0.3.1)
    tzinfo (0.3.37)
    uglifier (2.0.1)
      execjs (>= 0.3.0)
      multi_json (~> 1.0, >= 1.0.2)
    warden (1.2.1)
      rack (>= 1.0)
    whenever (0.8.2)
      activesupport (>= 2.3.4)
      chronic (>= 0.6.3)

PLATFORMS
  ruby

DEPENDENCIES
  activeadmin (~> 0.6.0)
  activemerchant (~> 1.32.1)
  aws_cf_signer (~> 0.1.1)
  better_errors
  binding_of_caller
  braintree (~> 2.22.0)
  browser
  cancan (~> 1.6.9)
  capistrano
  capistrano-ext
  carrierwave (~> 0.8.0)
  coffee-rails (~> 3.2.1)
  country_select (~> 1.1.3)
  debugger
  devise (= 2.2.3)
  exception_notification
  excon (~> 0.16.10)
  fog (~> 1.8.0)
  haml-rails (~> 0.4)
  jquery-fileupload-rails (~> 0.4.1)
  jquery-rails (= 2.1.2)
  jquery-ui-rails (~> 4.0.2)
  less-rails (~> 2.3.3)
  letter_opener
  meta_search (~> 1.1.3)
  nested_form (~> 0.3.2)
  pg (~> 0.15.1)
  quiet_assets
  rails (= 3.2.12)
  recaptcha
  rmagick (~> 2.13.2)
  rvm-capistrano
  sass-rails (~> 3.2.3)
  simple_form (~> 2.1.0)
  therubyracer
  thin
  uglifier (>= 1.0.3)
  whenever (~> 0.8.2)
